GIT
  remote: git://github.com/Nerian/bootstrap-wysihtml5-rails.git
  revision: 75d8c060fcee2b5967603abcad5b02a82f83d093
  specs:
    bootstrap-wysihtml5-rails (0.3.1.20)
      railties (>= 3.0)

GEM
  remote: http://rubygems.org/
  specs:
    actionmailer (4.0.10)
      actionpack (= 4.0.10)
      mail (~> 2.5, >= 2.5.4)
    actionpack (4.0.10)
      activesupport (= 4.0.10)
      builder (~> 3.1.0)
      erubis (~> 2.7.0)
      rack (~> 1.5.2)
      rack-test (~> 0.6.2)
    activemodel (4.0.10)
      activesupport (= 4.0.10)
      builder (~> 3.1.0)
    activerecord (4.0.10)
      activemodel (= 4.0.10)
      activerecord-deprecated_finders (~> 1.0.2)
      activesupport (= 4.0.10)
      arel (~> 4.0.0)
    activerecord-deprecated_finders (1.0.3)
    activesupport (4.0.10)
      i18n (~> 0.6, >= 0.6.9)
      minitest (~> 4.2)
      multi_json (~> 1.3)
      thread_safe (~> 0.1)
      tzinfo (~> 0.3.37)
    addressable (2.3.5)
    airbrake (4.3.4)
      builder
      multi_json
    arel (4.0.2)
    attr_encryptor (2.0.0)
      encryptor2 (>= 1.0.0)
    better_errors (1.0.1)
      coderay (>= 1.0.0)
      erubis (>= 2.6.6)
    binary_search (0.3.0)
    binding_of_caller (0.7.2)
      debug_inspector (>= 0.0.1)
    bootstrap-components-helpers (0.0.7)
      actionpack (>= 3.2.0)
    builder (3.1.4)
    capybara (2.1.0)
      mime-types (>= 1.16)
      nokogiri (>= 1.3.3)
      rack (>= 1.0.0)
      rack-test (>= 0.5.4)
      xpath (~> 2.0)
    coderay (1.1.0)
    coffee-rails (4.0.0)
      coffee-script (>= 2.2.0)
      railties (>= 4.0.0.beta, < 5.0)
    coffee-script (2.2.0)
      coffee-script-source
      execjs
    coffee-script-source (1.6.3)
    configatron (2.10.0)
      yamler (>= 0.1.0)
    country_select (1.2.0)
    css_parser (1.3.5)
      addressable
    debug_inspector (0.0.2)
    domain_name (0.5.13)
      unf (>= 0.0.5, < 1.0.0)
    em-websocket (0.5.0)
      eventmachine (>= 0.12.9)
      http_parser.rb (~> 0.5.3)
    encryptor2 (1.0.0)
    erubis (2.7.0)
    eventmachine (1.0.7)
    excon (0.25.3)
    execjs (2.0.1)
    factory_girl (4.2.0)
      activesupport (>= 3.0.0)
    factory_girl_rails (4.2.1)
      factory_girl (~> 4.2.0)
      railties (>= 3.0.0)
    fakeweb (1.3.0)
    faraday (0.8.8)
      multipart-post (~> 1.2.0)
    ffi (1.9.0)
    figaro (0.7.0)
      bundler (~> 1.0)
      rails (>= 3, < 5)
    formatador (0.2.4)
    guard (1.8.2)
      formatador (>= 0.2.4)
      listen (>= 1.0.0)
      lumberjack (>= 1.0.2)
      pry (>= 0.9.10)
      thor (>= 0.14.6)
    guard-livereload (1.4.0)
      em-websocket (>= 0.5.0)
      guard (>= 1.8.0)
      multi_json (~> 1.7)
    hashie (3.3.1)
    heroku-api (0.3.15)
      excon (~> 0.25.1)
    hike (1.2.3)
    hiredis (0.6.0)
    htmlentities (4.3.3)
    http_parser.rb (0.5.3)
    httpauth (0.2.0)
    i18n (0.6.11)
    jquery-rails (2.0.1)
      railties (>= 3.2.0, < 5.0)
      thor (~> 0.14)
    json (1.8.1)
    jwt (0.1.8)
      multi_json (>= 1.5)
    kaminari (0.14.1)
      actionpack (>= 3.0.0)
      activesupport (>= 3.0.0)
    kensa (1.4.3)
      launchy (>= 0.3.2)
      mechanize (~> 2.6.0)
      rest-client (>= 1.4.0, < 1.7.0)
      term-ansicolor (~> 1.0)
    kgio (2.9.3)
    launchy (2.3.0)
      addressable (~> 2.3)
    listen (1.3.1)
      rb-fsevent (>= 0.9.3)
      rb-inotify (>= 0.9)
      rb-kqueue (>= 0.2)
    lumberjack (1.0.4)
    mail (2.6.1)
      mime-types (>= 1.16, < 3)
    mechanize (2.6.0)
      domain_name (~> 0.5, >= 0.5.1)
      mime-types (~> 1.17, >= 1.17.2)
      net-http-digest_auth (~> 1.1, >= 1.1.1)
      net-http-persistent (~> 2.5, >= 2.5.2)
      nokogiri (~> 1.4)
      ntlm-http (~> 0.1, >= 0.1.1)
      webrobots (>= 0.0.9, < 0.2)
    metaclass (0.0.1)
    method_source (0.8.2)
    mime-types (1.25.1)
    mini_portile (0.5.1)
    minitest (4.7.5)
    mocha (0.14.0)
      metaclass (~> 0.0.1)
    multi_json (1.10.1)
    multipart-post (1.2.0)
    mysql2 (0.3.18)
    net-http-digest_auth (1.4)
    net-http-persistent (2.9)
    newrelic_rpm (3.7.3.204)
    nokogiri (1.6.0)
      mini_portile (~> 0.5.0)
    ntlm-http (0.1.1)
    oauth2 (0.8.1)
      faraday (~> 0.8)
      httpauth (~> 0.1)
      jwt (~> 0.1.4)
      multi_json (~> 1.0)
      rack (~> 1.2)
    omniauth (1.2.2)
      hashie (>= 1.2, < 4)
      rack (~> 1.0)
    omniauth-google-oauth2 (0.2.0)
      omniauth (~> 1.0)
      omniauth-oauth2
    omniauth-heroku (0.1.1)
      omniauth (~> 1.0)
      omniauth-oauth2 (~> 1.0)
    omniauth-oauth2 (1.1.1)
      oauth2 (~> 0.8.0)
      omniauth (~> 1.0)
    openid-store-redis (0.1.0)
      redis (~> 3.0)
      ruby-openid (>= 2.1.7)
    pg (0.16.0)
    populator (1.0.0)
    premailer (1.7.3)
      css_parser (>= 1.1.9)
      htmlentities (>= 4.0.0)
    premailer-rails (1.4.0)
      premailer (~> 1.7)
      rails (>= 3)
    protected_attributes (1.0.8)
      activemodel (>= 4.0.1, < 5.0)
    pry (0.10.1)
      coderay (~> 1.1.0)
      method_source (~> 0.8.1)
      slop (~> 3.4)
    pry-rails (0.3.2)
      pry (>= 0.9.10)
    puma (2.9.0)
      rack (>= 1.1, < 2.0)
    quiet_assets (1.0.2)
      railties (>= 3.1, < 5.0)
    rack (1.5.2)
    rack-livereload (0.3.15)
      rack
    rack-test (0.6.2)
      rack (>= 1.0)
    rack-timeout (0.2.4)
    rack-webconsole-pry (0.1.9)
      json
      multi_json (>= 1.0.3)
      pry
      rack
    rack_session_access (0.1.1)
      builder (>= 2.0.0)
      rack (>= 1.0.0)
    rails (4.0.10)
      actionmailer (= 4.0.10)
      actionpack (= 4.0.10)
      activerecord (= 4.0.10)
      activesupport (= 4.0.10)
      bundler (>= 1.3.0, < 2.0)
      railties (= 4.0.10)
      sprockets-rails (~> 2.0)
    rails_12factor (0.0.2)
      rails_serve_static_assets
      rails_stdout_logging
    rails_serve_static_assets (0.0.1)
    rails_stdout_logging (0.0.2)
    railties (4.0.10)
      actionpack (= 4.0.10)
      activesupport (= 4.0.10)
      rake (>= 0.8.7)
      thor (>= 0.18.1, < 2.0)
    raindrops (0.13.0)
    rake (10.4.0)
    rb-fsevent (0.9.3)
    rb-inotify (0.9.2)
      ffi (>= 0.5.0)
    rb-kqueue (0.2.0)
      ffi (>= 0.5.0)
    redis (3.0.4)
    rest-client (1.6.7)
      mime-types (>= 1.16)
    ruby-openid (2.2.3)
    sass (3.2.10)
    sass-rails (4.0.0)
      railties (>= 4.0.0.beta, < 5.0)
      sass (>= 3.1.10)
      sprockets-rails (~> 2.0.0)
    select2-rails (3.4.8)
      sass-rails
      thor (~> 0.14)
    sendgrid (1.2.0)
      json
    sequel (4.4.0)
    sequel_pg (1.6.8)
      pg (>= 0.8.0)
      sequel (>= 3.39.0)
    simple_form (3.0.2)
      actionpack (~> 4.0)
      activemodel (~> 4.0)
    simplecov (0.7.1)
      multi_json (~> 1.0)
      simplecov-html (~> 0.7.1)
    simplecov-html (0.7.1)
    slim (2.0.1)
      temple (~> 0.6.6)
      tilt (>= 1.3.3, < 2.1)
    slim-rails (2.0.1)
      actionpack (>= 3.0, < 4.1)
      activesupport (>= 3.0, < 4.1)
      railties (>= 3.0, < 4.1)
      slim (~> 2.0)
    slop (3.6.0)
    sprockets (2.12.2)
      hike (~> 1.2)
      multi_json (~> 1.0)
      rack (~> 1.0)
      tilt (~> 1.1, != 1.3.0)
    sprockets-rails (2.0.1)
      actionpack (>= 3.0)
      activesupport (>= 3.0)
      sprockets (~> 2.8)
    temple (0.6.6)
    term-ansicolor (1.2.2)
      tins (~> 0.8)
    terminal-notifier-guard (1.5.3)
    thor (0.19.1)
    thread_safe (0.3.4)
    tilt (1.4.1)
    timecop (0.6.3)
    tins (0.9.0)
    twitter-bootstrap-rails (2.2.8)
      actionpack (>= 3.1)
      execjs
      rails (>= 3.1)
      railties (>= 3.1)
    tzinfo (0.3.42)
    uglifier (2.1.1)
      execjs (>= 0.3.0)
      multi_json (~> 1.0, >= 1.0.2)
    unf (0.1.2)
      unf_ext
    unf_ext (0.0.6)
    unicorn (4.6.3)
      kgio (~> 2.6)
      rack
      raindrops (~> 0.7)
    unicorn-worker-killer (0.4.1)
      unicorn (~> 4)
    webrobots (0.1.1)
    xpath (2.0.0)
      nokogiri (~> 1.3)
    xray-rails (0.1.6)
      coffee-rails
      rails (>= 3.1.0)
    yamler (0.1.0)

PLATFORMS
  ruby

DEPENDENCIES
  airbrake
  attr_encryptor
  better_errors
  binary_search
  binding_of_caller
  bootstrap-components-helpers
  bootstrap-wysihtml5-rails!
  capybara
  coffee-rails
  configatron (= 2.10.0)
  country_select
  excon
  factory_girl_rails
  fakeweb
  figaro
  guard
  guard-livereload
  heroku-api (= 0.3.15)
  hiredis (= 0.6.0)
  jquery-rails (= 2.0.1)
  json (= 1.8.1)
  kaminari
  kensa
  launchy
  mocha
  mysql2
  newrelic_rpm
  nokogiri
  omniauth (~> 1.2.2)
  omniauth-google-oauth2
  omniauth-heroku
  openid-store-redis
  pg
  populator
  premailer-rails
  protected_attributes
  pry-rails
  puma
  quiet_assets
  rack-livereload
  rack-timeout
  rack-webconsole-pry
  rack_session_access
  rails (= 4.0.10)
  rails_12factor
  rb-fsevent
  redis (= 3.0.4)
  rest-client
  select2-rails
  sendgrid
  sequel (= 4.4.0)
  sequel_pg (= 1.6.8)
  simple_form (= 3.0.2)
  simplecov
  slim-rails
  terminal-notifier-guard
  timecop
  twitter-bootstrap-rails (= 2.2.8)
  uglifier (>= 1.3.0)
  unicorn
  unicorn-worker-killer
  xray-rails

BUNDLED WITH
   1.10.6
